FRAMEWORK: >= NET462
NUGET
  remote: http://api.nuget.org/v3/index.json
    Castle.Core (3.3.3)
    DryIoc.dll (2.9.1)
    DryIoc.Owin.dll (2.0.3)
      DryIoc.dll (>= 2.8.2 < 3.0)
      Microsoft.Owin (>= 3.0 < 4.0)
    FluentAssertions (4.17)
    HangFire (1.6.6)
      HangFire.Core (1.6.6)
      HangFire.SqlServer (1.6.6)
      Microsoft.Owin.Host.SystemWeb (>= 3.0)
    HangFire.Core (1.6.6)
      Newtonsoft.Json (>= 5.0)
      Owin (>= 1.0)
    Hangfire.MemoryStorage (1.3)
      HangFire.Core (>= 1.5.2)
    HangFire.SqlServer (1.6.6)
      HangFire.Core (1.6.6)
    HttpMock (1.3.1)
      Kayak (>= 0.7.2)
      log4net (>= 2.0.5)
      NUnit (>= 3.4.1)
    Kayak (0.7.2)
    log4net (2.0.5)
    Microsoft.Owin (3.0.1)
      Owin (>= 1.0)
    Microsoft.Owin.Host.HttpListener (3.0.1)
    Microsoft.Owin.Host.SystemWeb (3.0.1)
      Microsoft.Owin (>= 3.0.1)
      Owin (>= 1.0)
    Microsoft.Owin.Hosting (3.0.1)
      Microsoft.Owin (>= 3.0.1)
      Owin (>= 1.0)
    Moq (4.5.28)
      Castle.Core (>= 3.3.3)
    Nancy (1.4.3)
    Nancy.Bootstrappers.DryIoc (1.4.3)
      DryIoc.dll (>= 2.7)
      Nancy (>= 1.4.3)
    Nancy.Owin (1.4.1)
      Nancy (>= 1.4.1)
      Owin (>= 1.0)
    Newtonsoft.Json (9.0.1)
    NUnit (3.5)
    Owin (1.0)
    PushoverNET (1.0.4)
      ServiceStack.Text (>= 3.9.59)
    SemVer.Git.MSBuild (1.1) - content: once
    Serilog (2.3)
    Serilog.Formatting.Compact (1.0)
      Serilog (>= 2.0)
    Serilog.Sinks.ColoredConsole (2.0)
      Serilog (>= 2.0)
    Serilog.Sinks.File (3.1.1)
      Serilog (>= 2.3)
    Serilog.Sinks.PeriodicBatching (2.1)
      Serilog (>= 2.0)
    Serilog.Sinks.RollingFile (3.2)
      Serilog.Sinks.File (>= 3.1)
    Serilog.Sinks.Seq (3.1.1)
      Serilog (>= 2.2)
      Serilog.Formatting.Compact (>= 1.0)
      Serilog.Sinks.PeriodicBatching (>= 2.1)
      Serilog.Sinks.RollingFile (>= 3.0)
    Serilog.Sinks.Splunk (2.1.1)
      Serilog (>= 2.2)
      Splunk.Logging.Common (>= 1.6)
    ServiceStack.Text (3.9.71)
    Splunk.Logging.Common (1.6.1)
      Newtonsoft.Json (>= 6.0.8)
    Topshelf (4.0.3)
    Topshelf.Serilog (4.0.3)
      Serilog (>= 1.5.14)
      Topshelf (>= 4.0.3)
    VaraniumSharp (1.7)
    VaraniumSharp.Initiator (1.4)
      DryIoc.dll (>= 2.7.1)
      Serilog (>= 2.2.1)
      Serilog.Sinks.ColoredConsole (>= 2.0)
      Serilog.Sinks.File (>= 3.0.1)
      Serilog.Sinks.Seq (>= 3.0)
      Serilog.Sinks.Splunk (>= 2.0.1)
      VaraniumSharp (>= 1.7)
